GEM
  remote: http://rubygems.org/
  specs:
    activesupport (3.0.7)
    addressable (2.2.6)
    archive-tar-minitar (0.5.2)
    columnize (0.3.2)
    crack (0.1.8)
    diff-lcs (1.1.2)
    dragonfly (0.9.1)
      rack
      rack
    face (0.0.4)
      json (>= 1.4.6)
      rest-client (>= 1.6.1)
    git (1.2.5)
    haml (3.0.25)
    httparty (0.7.7)
      crack (= 0.1.8)
    imagesize (0.1.1)
    jeweler (1.6.0)
      bundler (~> 1.0.0)
      git (>= 1.2.5)
      rake
    json (1.5.1)
    linecache (0.43)
    linecache19 (0.5.12)
      ruby_core_source (>= 0.1.4)
    magickly (1.1.2)
      activesupport (>= 2.0.0)
      addressable (~> 2.2)
      dragonfly (~> 0.9.1)
      haml (~> 3.0.25)
      httparty (~> 0.7.3)
      sinatra (~> 1.2.1)
    mime-types (1.16)
    newrelic_rpm (3.0.0)
    rack (1.2.2)
    rack-test (0.6.0)
      rack (>= 1.0)
    rake (0.8.7)
    rest-client (1.6.1)
      mime-types (>= 1.16)
    rspec (2.6.0)
      rspec-core (~> 2.6.0)
      rspec-expectations (~> 2.6.0)
      rspec-mocks (~> 2.6.0)
    rspec-core (2.6.0)
    rspec-expectations (2.6.0)
      diff-lcs (~> 1.1.2)
    rspec-mocks (2.6.0)
    ruby-debug (0.10.4)
      columnize (>= 0.1)
      ruby-debug-base (~> 0.10.4.0)
    ruby-debug-base (0.10.4)
      linecache (>= 0.3)
    ruby-debug-base19 (0.11.25)
      columnize (>= 0.3.1)
      linecache19 (>= 0.5.11)
      ruby_core_source (>= 0.1.4)
    ruby-debug19 (0.11.6)
      columnize (>= 0.3.1)
      linecache19 (>= 0.5.11)
      ruby-debug-base19 (>= 0.11.19)
    ruby_core_source (0.1.5)
      archive-tar-minitar (>= 0.5.2)
    sinatra (1.2.6)
      rack (~> 1.1)
      tilt (< 2.0, >= 1.2.2)
    tilt (1.3)
    vcr (1.9.0)
    webmock (1.6.2)
      addressable (>= 2.2.2)
      crack (>= 0.1.7)

PLATFORMS
  ruby

DEPENDENCIES
  addressable (~> 2.2.4)
  dragonfly (~> 0.9.0)
  face (= 0.0.4)
  haml
  imagesize (~> 0.1)
  jeweler (~> 1.6)
  magickly (~> 1.1)
  newrelic_rpm
  rack-test
  rspec (~> 2.5)
  ruby-debug
  ruby-debug19
  sinatra (~> 1.2.3)
  vcr (~> 1.9)
  webmock (~> 1.6)
